GEM
  remote: http://rubygems.org/
  specs:
    guard (1.3.3)
      listen (>= 0.4.2)
      thor (>= 0.14.6)
    guard-shell (0.5.1)
      guard (>= 1.1.0)
    listen (0.5.2)
    thor (0.16.0)
    wdm (0.0.3)

PLATFORMS
  x86-mingw32

DEPENDENCIES
  guard
  guard-shell
  wdm (~> 0.0.3)
